GEM
  remote: https://rubygems.org/
  specs:
    actionview (5.1.2)
      activesupport (= 5.1.2)
      builder (~> 3.1)
      erubi (~> 1.4)
      rails-dom-testing (~> 2.0)
      rails-html-sanitizer (~> 1.0, >= 1.0.3)
    activemodel (5.1.2)
      activesupport (= 5.1.2)
    activerecord (5.1.2)
      activemodel (= 5.1.2)
      activesupport (= 5.1.2)
      arel (~> 8.0)
    activesupport (5.1.2)
      concurrent-ruby (~> 1.0, >= 1.0.2)
      i18n (~> 0.7)
      minitest (~> 5.1)
      tzinfo (~> 1.1)
    arel (8.0.0)
    bson (4.2.2)
    builder (3.2.3)
    concurrent-ruby (1.0.5)
    erubi (1.6.1)
    i18n (0.8.5)
    kaminari (1.0.1)
      activesupport (>= 4.1.0)
      kaminari-actionview (= 1.0.1)
      kaminari-activerecord (= 1.0.1)
      kaminari-core (= 1.0.1)
    kaminari-actionview (1.0.1)
      actionview
      kaminari-core (= 1.0.1)
    kaminari-activerecord (1.0.1)
      activerecord
      kaminari-core (= 1.0.1)
    kaminari-core (1.0.1)
    kaminari-mongoid (1.0.1)
      kaminari-core (~> 1.0)
      mongoid
    kaminari-sinatra (1.0.1)
      actionview
      kaminari-core (~> 1.0)
      padrino-helpers
      sinatra
    loofah (2.0.3)
      nokogiri (>= 1.5.9)
    mini_portile2 (2.2.0)
    minitest (5.10.2)
    mongo (2.4.2)
      bson (>= 4.2.1, < 5.0.0)
    mongoid (6.2.0)
      activemodel (~> 5.1)
      mongo (>= 2.4.1, < 3.0.0)
    mustermann (1.0.0)
    nokogiri (1.8.0)
      mini_portile2 (~> 2.2.0)
    padrino-helpers (0.14.1.1)
      i18n (~> 0.6, >= 0.6.7)
      padrino-support (= 0.14.1.1)
      tilt (>= 1.4.1, < 3)
    padrino-support (0.14.1.1)
    puma (3.8.2)
    rack (2.0.3)
    rack-protection (2.0.0)
      rack
    rails-dom-testing (2.0.3)
      activesupport (>= 4.2.0)
      nokogiri (>= 1.6)
    rails-html-sanitizer (1.0.3)
      loofah (~> 2.0)
    sinatra (2.0.0)
      mustermann (~> 1.0)
      rack (~> 2.0)
      rack-protection (= 2.0.0)
      tilt (~> 2.0)
    thread_safe (0.3.6)
    tilt (2.0.7)
    tzinfo (1.2.3)
      thread_safe (~> 0.1)

PLATFORMS
  ruby

DEPENDENCIES
  kaminari
  kaminari-mongoid
  kaminari-sinatra
  mongoid
  puma
  sinatra

RUBY VERSION
   ruby 2.4.0p0

BUNDLED WITH
   1.15.1
